PATH
  remote: .
  specs:
    second_level_cache (2.1.0)
      activesupport (>= 3.2.0)

GEM
  remote: https://rubygems.org/
  specs:
    activemodel (3.2.16)
      activesupport (= 3.2.16)
      builder (~> 3.0.0)
    activerecord (3.2.16)
      activemodel (= 3.2.16)
      activesupport (= 3.2.16)
      arel (~> 3.0.2)
      tzinfo (~> 0.3.29)
    activesupport (3.2.16)
      i18n (~> 0.6, >= 0.6.4)
      multi_json (~> 1.0)
    arel (3.0.3)
    builder (3.0.4)
    database_cleaner (1.0.1)
    i18n (0.6.9)
    multi_json (1.8.2)
    rake (10.1.0)
    sqlite3 (1.3.7)
    tzinfo (0.3.38)

PLATFORMS
  ruby

DEPENDENCIES
  activerecord (>= 3.2.0)
  database_cleaner (~> 1.0.0.RC1)
  rake
  second_level_cache!
  sqlite3
